GEM
  remote: https://rubygems.org/
  specs:
    actionmailer (4.1.1)
      actionpack (= 4.1.1)
      actionview (= 4.1.1)
      mail (~> 2.5.4)
    actionpack (4.1.1)
      actionview (= 4.1.1)
      activesupport (= 4.1.1)
      rack (~> 1.5.2)
      rack-test (~> 0.6.2)
    actionview (4.1.1)
      activesupport (= 4.1.1)
      builder (~> 3.1)
      erubis (~> 2.7.0)
    activemodel (4.1.1)
      activesupport (= 4.1.1)
      builder (~> 3.1)
    activerecord (4.1.1)
      activemodel (= 4.1.1)
      activesupport (= 4.1.1)
      arel (~> 5.0.0)
    activesupport (4.1.1)
      i18n (~> 0.6, >= 0.6.9)
      json (~> 1.7, >= 1.7.7)
      minitest (~> 5.1)
      thread_safe (~> 0.1)
      tzinfo (~> 1.1)
    acts_as_approvable (0.7.0)
    acts_as_commentable (4.0.2)
    acts_as_state_machine (2.2.0)
      activerecord (>= 2.1)
    arel (5.0.1.20140414130214)
    awesome_print (1.2.0)
    bcrypt (3.1.9)
    better_errors (2.8.0)
      coderay (>= 1.0.0)
      erubi (>= 1.0.0)
      rack (>= 0.9.0)
    binding_of_caller (0.7.2)
      debug_inspector (>= 0.0.1)
    bootstrap-sass (3.3.1.0)
      sass (~> 3.2)
    builder (3.2.2)
    callsite (0.0.11)
    capybara (2.4.4)
      mime-types (>= 1.16)
      nokogiri (>= 1.3.3)
      rack (>= 1.0.0)
      rack-test (>= 0.5.4)
      xpath (~> 2.0)
    celluloid (0.16.0)
      timers (~> 4.0.0)
    cliver (0.3.2)
    coderay (1.1.3)
    coffee-rails (4.0.1)
      coffee-script (>= 2.2.0)
      railties (>= 4.0.0, < 5.0)
    coffee-script (2.3.0)
      coffee-script-source
      execjs
    coffee-script-source (1.8.0)
    coolline (0.5.0)
      unicode_utils (~> 1.4)
    database_cleaner (1.3.0)
    debug_inspector (0.0.2)
    devise (3.4.1)
      bcrypt (~> 3.0)
      orm_adapter (~> 0.1)
      railties (>= 3.2.6, < 5)
      responders
      thread_safe (~> 0.1)
      warden (~> 1.2.3)
    diff-lcs (1.2.5)
    erubi (1.10.0)
    erubis (2.7.0)
    execjs (2.2.2)
    factory_girl (4.5.0)
      activesupport (>= 3.0.0)
    factory_girl_rails (4.5.0)
      factory_girl (~> 4.5.0)
      railties (>= 3.0.0)
    ffaker (1.25.0)
    ffi (1.9.6)
    formatador (0.2.5)
    fuubar (2.0.0)
      rspec (~> 3.0)
      ruby-progressbar (~> 1.4)
    guard (2.10.4)
      formatador (>= 0.2.4)
      listen (~> 2.7)
      lumberjack (~> 1.0)
      nenv (~> 0.1)
      pry (>= 0.9.12)
      thor (>= 0.18.1)
    guard-compat (1.2.0)
    guard-rspec (4.5.0)
      guard (~> 2.1)
      guard-compat (~> 1.1)
      rspec (>= 2.99.0, < 4.0)
    haml (4.1.0.beta.1)
      tilt
    haml-rails (0.6.0)
      actionpack (>= 4.0.1)
      activesupport (>= 4.0.1)
      haml (>= 3.1, < 5.0)
      html2haml (>= 1.0.1)
      railties (>= 4.0.1)
    hike (1.2.3)
    hitimes (1.2.2)
    hpricot (0.8.6)
    html2haml (1.0.1)
      erubis (~> 2.7.0)
      haml (>= 4.0.0.rc.1)
      hpricot (~> 0.8.6)
      ruby_parser (~> 3.1.1)
    i18n (0.7.0)
    jbuilder (2.2.6)
      activesupport (>= 3.0.0, < 5)
      multi_json (~> 1.2)
    jquery-rails (3.1.2)
      railties (>= 3.0, < 5.0)
      thor (>= 0.14, < 2.0)
    json (1.8.1)
    listen (2.8.4)
      celluloid (>= 0.15.2)
      rb-fsevent (>= 0.9.3)
      rb-inotify (>= 0.9)
    lumberjack (1.0.9)
    macaddr (1.7.1)
      systemu (~> 2.6.2)
    mail (2.5.4)
      mime-types (~> 1.16)
      treetop (~> 1.4.8)
    meta_request (0.3.4)
      callsite (~> 0.0, >= 0.0.11)
      rack-contrib (~> 1.1)
      railties (>= 3.0.0, < 5.0.0)
    method_source (0.8.2)
    mime-types (1.25.1)
    mini_portile (0.6.1)
    minitest (5.5.0)
    multi_json (1.10.1)
    nenv (0.1.1)
    nokogiri (1.6.5)
      mini_portile (~> 0.6.0)
    orm_adapter (0.5.0)
    poltergeist (1.5.1)
      capybara (~> 2.1)
      cliver (~> 0.3.1)
      multi_json (~> 1.0)
      websocket-driver (>= 0.2.0)
    polyglot (0.3.5)
    pry (0.10.1)
      coderay (~> 1.1.0)
      method_source (~> 0.8.1)
      slop (~> 3.4)
    pry-awesome_print (9.6.9)
      awesome_print (>= 1.1.0, < 999)
      pry (>= 0.9.0, < 999)
    pry-coolline (0.2.5)
      coolline (~> 0.5)
    rack (1.5.5)
    rack-contrib (1.2.0)
      rack (>= 0.9.1)
    rack-test (0.6.2)
      rack (>= 1.0)
    rails (4.1.1)
      actionmailer (= 4.1.1)
      actionpack (= 4.1.1)
      actionview (= 4.1.1)
      activemodel (= 4.1.1)
      activerecord (= 4.1.1)
      activesupport (= 4.1.1)
      bundler (>= 1.3.0, < 2.0)
      railties (= 4.1.1)
      sprockets-rails (~> 2.0)
    rails_layout (1.0.24)
    railties (4.1.1)
      actionpack (= 4.1.1)
      activesupport (= 4.1.1)
      rake (>= 0.8.7)
      thor (>= 0.18.1, < 2.0)
    rake (10.4.2)
    rb-fsevent (0.9.4)
    rb-inotify (0.9.5)
      ffi (>= 0.5.0)
    rdoc (4.2.0)
      json (~> 1.4)
    responders (1.1.2)
      railties (>= 3.2, < 4.2)
    rspec (3.1.0)
      rspec-core (~> 3.1.0)
      rspec-expectations (~> 3.1.0)
      rspec-mocks (~> 3.1.0)
    rspec-core (3.1.7)
      rspec-support (~> 3.1.0)
    rspec-expectations (3.1.2)
      diff-lcs (>= 1.2.0, < 2.0)
      rspec-support (~> 3.1.0)
    rspec-mocks (3.1.3)
      rspec-support (~> 3.1.0)
    rspec-support (3.1.2)
    ruby-growl (4.1)
      uuid (~> 2.3, >= 2.3.5)
    ruby-progressbar (1.7.0)
    ruby_parser (3.1.3)
      sexp_processor (~> 4.1)
    sass (3.2.19)
    sass-rails (4.0.5)
      railties (>= 4.0.0, < 5.0)
      sass (~> 3.2.2)
      sprockets (~> 2.8, < 3.0)
      sprockets-rails (~> 2.0)
    sdoc (0.4.1)
      json (~> 1.7, >= 1.7.7)
      rdoc (~> 4.0)
    sexp_processor (4.4.4)
    slop (3.6.0)
    spring (1.2.0)
    sprockets (2.12.3)
      hike (~> 1.2)
      multi_json (~> 1.0)
      rack (~> 1.0)
      tilt (~> 1.1, != 1.3.0)
    sprockets-rails (2.2.2)
      actionpack (>= 3.0)
      activesupport (>= 3.0)
      sprockets (>= 2.8, < 4.0)
    sqlite3 (1.3.10)
    systemu (2.6.4)
    terminal-notifier (1.6.2)
    terminal-notifier-guard (1.6.4)
    thor (0.19.1)
    thread_safe (0.3.4)
    tilt (1.4.1)
    timers (4.0.1)
      hitimes
    treetop (1.4.15)
      polyglot
      polyglot (>= 0.3.1)
    turbolinks (2.5.3)
      coffee-rails
    tzinfo (1.2.2)
      thread_safe (~> 0.1)
    uglifier (2.6.0)
      execjs (>= 0.3.0)
      json (>= 1.8.0)
    unicode_utils (1.4.0)
    uuid (2.3.7)
      macaddr (~> 1.0)
    warden (1.2.3)
      rack (>= 1.0)
    websocket-driver (0.5.1)
      websocket-extensions (>= 0.1.0)
    websocket-extensions (0.1.1)
    xpath (2.0.0)
      nokogiri (~> 1.3)

PLATFORMS
  ruby

DEPENDENCIES
  acts_as_approvable
  acts_as_commentable
  acts_as_state_machine
  better_errors
  binding_of_caller
  bootstrap-sass
  capybara
  coffee-rails (~> 4.0.0)
  database_cleaner
  devise
  factory_girl_rails
  ffaker
  fuubar
  guard
  guard-rspec
  haml
  haml-rails
  jbuilder (~> 2.0)
  jquery-rails
  meta_request
  poltergeist
  pry
  pry-awesome_print
  pry-coolline
  rails (= 4.1.1)
  rails_layout
  ruby-growl
  sass-rails (~> 4.0.3)
  sdoc (~> 0.4.0)
  spring
  sqlite3
  terminal-notifier
  terminal-notifier-guard
  turbolinks
  uglifier (>= 1.3.0)
